GEM
  remote: https://rubygems.org/
  specs:
    chartkick (1.1.2)
    haml (4.0.3)
      tilt
    json (1.8.0)
    rack (1.5.2)
    rack-cache (1.2)
      rack (>= 0.4)
    rack-protection (1.5.0)
      rack
    sinatra (1.4.3)
      rack (~> 1.4)
      rack-protection (~> 1.4)
      tilt (~> 1.3, >= 1.3.4)
    tilt (1.4.1)

PLATFORMS
  ruby

DEPENDENCIES
  chartkick
  haml
  json
  rack-cache
  sinatra
